GEM
  remote: https://rubygems.org/
  specs:
    byebug (11.1.1)
    concurrent-ruby (1.1.5)
    i18n (1.8.2)
      concurrent-ruby (~> 1.0)
    money (6.13.7)
      i18n (>= 0.6.4, <= 2)
    money-collection (0.0.2)
      money (~> 6.3)

PLATFORMS
  ruby

DEPENDENCIES
  byebug
  money
  money-collection

BUNDLED WITH
   2.0.1
